PATH
  remote: .
  specs:
    machine_configure (0.0.3)
      rubyzip (~> 1.2)

GEM
  remote: https://rubygems.org/
  specs:
    minitest (5.11.3)
    rake (10.5.0)
    rdoc (6.0.4)
    rubyzip (1.2.1)

PLATFORMS
  ruby

DEPENDENCIES
  bundler (~> 1.16)
  machine_configure!
  minitest (~> 5.0)
  rake (~> 10.0)
  rdoc

BUNDLED WITH
   1.16.3
