GIT
  remote: https://github.com/Noah2610/ArgumentParser
  revision: 3ac5b0083fd42ae8740d1d22d988f56c74a29470
  specs:
    argument_parser (1.0.0)

PATH
  remote: .
  specs:
    machine_cert_manager (0.0.1)
      rubyzip (~> 1.2)

GEM
  remote: https://rubygems.org/
  specs:
    minitest (5.11.3)
    rake (10.5.0)
    rdoc (6.0.4)
    rubyzip (1.2.1)

PLATFORMS
  ruby

DEPENDENCIES
  argument_parser!
  bundler (~> 1.16)
  machine_cert_manager!
  minitest (~> 5.0)
  rake (~> 10.0)
  rdoc

BUNDLED WITH
   1.16.2
